GIT
  remote: https://github.com/rwdaigle/heroku-log-parser.git
  revision: 84c96fafdd3d7513f7db060d1ca9851180013b13
  specs:
    heroku-log-parser (0.3.0)

GEM
  remote: https://rubygems.org/
  specs:
    aws-sdk (1.48.1)
      json (~> 1.4)
      nokogiri (>= 1.4.4)
    json (1.8.6)
    mini_portile2 (2.1.0)
    newrelic_rpm (3.15.2.317)
    nokogiri (1.6.8)
      mini_portile2 (~> 2.1.0)
      pkg-config (~> 1.1.7)
    pkg-config (1.1.7)
    puma (3.12.1)
    rack (2.0.1)

PLATFORMS
  ruby

DEPENDENCIES
  aws-sdk
  heroku-log-parser!
  newrelic_rpm
  puma
  rack

RUBY VERSION
   ruby 2.4.6p354

BUNDLED WITH
   2.0.2
